GIT
  remote: git://github.com/Wondersauce/spree_address_book.git
  revision: f016ebb9107d3729baff8626683ccfedd48120ce
  branch: 2-1-stable
  specs:
    spree_address_book (2.0.0)
      spree_auth_devise
      spree_core (~> 2.1)

GIT
  remote: git://github.com/magiclabs/alchemy_cms.git
  revision: b9a7500ac3f91ded0a3e92384f601aa7f189a025
  branch: 3.0-stable
  specs:
    alchemy_cms (3.0.0)
      actionpack-page_caching (~> 1.0.0)
      active_model_serializers (>= 0.8.1, < 0.10.0)
      acts-as-taggable-on (~> 3.1)
      acts_as_list (~> 0.3.0)
      awesome_nested_set (~> 3.0.0.rc.2)
      cancan (~> 1.6.10)
      coffee-rails (~> 4.0.0)
      compass-rails (~> 1.1.2)
      dragonfly (~> 1.0.1)
      jquery-rails (~> 3.1.0)
      jquery-ui-rails (~> 4.1.1)
      kaminari (~> 0.15.0)
      magiclabs-userstamp (~> 2.1.0)
      non-stupid-digest-assets (~> 1.0.3)
      rails (>= 4.0, < 5.0)
      sass-rails (~> 4.0.2)
      sassy-buttons (~> 0.2.6)
      select2-rails (~> 3.4)
      simple_form (~> 3.0.1)
      spinner.rb
      turbolinks (~> 2.0)
      tvdeyen-handles_sortable_columns (~> 0.1.5)
      uglifier (>= 1.3.0)

GIT
  remote: git://github.com/spree/spree.git
  revision: 570d54b007baa907f49228c695478ee058ea4442
  branch: 2-2-stable
  specs:
    spree (2.2.5.beta)
      spree_api (= 2.2.5.beta)
      spree_backend (= 2.2.5.beta)
      spree_cmd (= 2.2.5.beta)
      spree_core (= 2.2.5.beta)
      spree_frontend (= 2.2.5.beta)
      spree_sample (= 2.2.5.beta)
    spree_api (2.2.5.beta)
      rabl (= 0.9.3)
      spree_core (= 2.2.5.beta)
      versioncake (~> 1.2.0)
    spree_backend (2.2.5.beta)
      jquery-rails (= 3.1.0)
      jquery-ui-rails (~> 4.1.0)
      select2-rails (~> 3.4.7)
      spree_api (= 2.2.5.beta)
      spree_core (= 2.2.5.beta)
    spree_cmd (2.2.5.beta)
      thor (~> 0.14)
    spree_core (2.2.5.beta)
      activemerchant (~> 1.43.1)
      acts_as_list (= 0.3.0)
      awesome_nested_set (~> 3.0.0.rc.3)
      aws-sdk (= 1.27.0)
      cancan (~> 1.6.10)
      deface (~> 1.0.0)
      ffaker (~> 1.16)
      font-awesome-rails (~> 4.0)
      friendly_id (~> 5.0.4)
      highline (~> 1.6.18)
      httparty (~> 0.11)
      json (~> 1.7)
      kaminari (~> 0.15.0)
      monetize
      paperclip (~> 3.4.1)
      paranoia (~> 2.0)
      rails (~> 4.0.6)
      ransack (~> 1.1.0)
      state_machine (= 1.2.0)
      stringex (~> 1.5.1)
      truncate_html (= 0.9.2)
    spree_frontend (2.2.5.beta)
      canonical-rails (~> 0.0.4)
      jquery-rails (= 3.1.0)
      spree_api (= 2.2.5.beta)
      spree_core (= 2.2.5.beta)
      stringex (~> 1.5.1)
    spree_sample (2.2.5.beta)
      spree_core (= 2.2.5.beta)

GIT
  remote: git://github.com/spree/spree_active_shipping
  revision: 1d1b47f68e3b2dc54181daff41ee501534102a12
  branch: 2-2-stable
  specs:
    spree_active_shipping (2.2.0)
      active_shipping (~> 0.11.0)
      spree_core (~> 2.2.0)

GIT
  remote: https://github.com/Wondersauce/spree_asset_variant_options.git
  revision: cde3cdb0fb23d2b891988aae8a6a81060f51f86e
  specs:
    spree_asset_variant_options (2.1.3)
      spree_core (>= 2.1.3, < 3.0)

GIT
  remote: https://github.com/Wondersauce/spree_minicart.git
  revision: 320c1fcee964671fd5e70278b69e0e36f3b841b5
  branch: master
  specs:
    spree_minicart (1.1.3)
      spree_api (~> 2.2)
      spree_core (~> 2.2)
      spree_frontend (~> 2.2)
      spree_sample (~> 2.2)

GIT
  remote: https://github.com/jarretgabel/spree_shipstation
  revision: f3bbf5afa0b62ccabb9e06c963ca2014c0677edf
  specs:
    spree_shipstation (2.0.1)
      spree_core (~> 2.0)

GIT
  remote: https://github.com/mobispoke/spree_advanced_reporting
  revision: c4d7958a85194a7e6dab4a9833bb1fd78b31bb47
  branch: master
  specs:
    spree_advanced_reporting (2.2.0.0)
      ruport (>= 1.6.3)
      ruport-util
      spree_core (~> 2.2)

GIT
  remote: https://github.com/spree/spree_affiliate.git
  revision: 6a27695dbd43fa319278140738c62a58c82e4675
  branch: 2-2-stable
  specs:
    spree_affiliate (2.2.1)
      spree_core (~> 2.2.1)

GIT
  remote: https://github.com/spree/spree_auth_devise.git
  revision: 81a0fbb2db15efbbb50d0d139bbc41aee7fa58a1
  branch: 2-2-stable
  specs:
    spree_auth_devise (2.2.0)
      cancan (~> 1.6.10)
      devise (~> 3.2.3)
      devise-encryptable (= 0.1.2)
      json
      multi_json
      spree_core (~> 2.2.0)

GIT
  remote: https://github.com/spree/spree_gateway.git
  revision: ade503d0b5d1958b4441cb2313cc61be41724549
  branch: 2-2-stable
  specs:
    spree_gateway (2.2.1)
      spree_core (~> 2.2.0)

GIT
  remote: https://github.com/spree/spree_store_credits.git
  revision: d7629b066c7acfb5ab36d5598e4201f3e1d85201
  branch: 2-2-stable
  specs:
    spree_store_credits (1.1.1)
      spree_api (~> 2.2.0.beta)
      spree_backend (~> 2.2.0.beta)
      spree_core (~> 2.2.0.beta)
      spree_frontend (~> 2.2.0.beta)

GEM
  remote: http://rubygems.org/
  specs:
    actionmailer (4.0.13)
      actionpack (= 4.0.13)
      mail (~> 2.5, >= 2.5.4)
    actionpack (4.0.13)
      activesupport (= 4.0.13)
      builder (~> 3.1.0)
      erubis (~> 2.7.0)
      rack (~> 1.5.2)
      rack-test (~> 0.6.2)
    actionpack-page_caching (1.0.2)
      actionpack (>= 4.0.0, < 5)
    active_model_serializers (0.8.1)
      activemodel (>= 3.0)
    active_shipping (0.11.2)
      active_utils (>= 1.0.1)
      activesupport (>= 2.3.5)
      builder
      i18n
      json (>= 1.5.1)
    active_utils (2.2.3)
      activesupport (>= 2.3.11)
      i18n
    activemerchant (1.43.3)
      active_utils (~> 2.0, >= 2.0.1)
      activesupport (>= 2.3.14, < 5.0.0)
      builder (>= 2.1.2, < 4.0.0)
      i18n (~> 0.5)
      json (~> 1.7)
      money (< 7.0.0)
      nokogiri (~> 1.4)
    activemodel (4.0.13)
      activesupport (= 4.0.13)
      builder (~> 3.1.0)
    activerecord (4.0.13)
      activemodel (= 4.0.13)
      activerecord-deprecated_finders (~> 1.0.2)
      activesupport (= 4.0.13)
      arel (~> 4.0.0)
    activerecord-deprecated_finders (1.0.4)
    activesupport (4.0.13)
      i18n (~> 0.6, >= 0.6.9)
      minitest (~> 4.2)
      multi_json (~> 1.3)
      thread_safe (~> 0.1)
      tzinfo (~> 0.3.37)
    acts-as-taggable-on (3.3.0)
      activerecord (>= 3, < 5)
    acts_as_list (0.3.0)
      activerecord (>= 3.0)
    addressable (2.3.8)
    arel (4.0.2)
    asset_sync (1.1.0)
      activemodel
      fog (>= 1.8.0)
      unf
    awesome_nested_set (3.0.2)
      activerecord (>= 4.0.0, < 5)
    awesome_print (1.6.1)
    aws-sdk (1.27.0)
      json (~> 1.4)
      nokogiri (>= 1.4.4)
      uuidtools (~> 2.1)
    bcrypt (3.1.7)
    better_errors (1.1.0)
      coderay (>= 1.0.0)
      erubis (>= 2.6.6)
    binding_of_caller (0.7.2)
      debug_inspector (>= 0.0.1)
    bourbon (3.2.4)
      sass (~> 3.2)
      thor
    builder (3.1.4)
    byebug (5.0.0)
      columnize (= 0.9.0)
    cancan (1.6.10)
    canonical-rails (0.0.7)
      rails (>= 3.1, < 5.0)
    capistrano (3.2.1)
      i18n
      rake (>= 10.0.0)
      sshkit (~> 1.3)
    capistrano-bundler (1.1.3)
      capistrano (~> 3.1)
      sshkit (~> 1.2)
    capistrano-rails (1.1.2)
      capistrano (~> 3.1)
      capistrano-bundler (~> 1.1)
    capistrano-rvm (0.1.2)
      capistrano (~> 3.0)
      sshkit (~> 1.2)
    capybara (2.4.4)
      mime-types (>= 1.16)
      nokogiri (>= 1.3.3)
      rack (>= 1.0.0)
      rack-test (>= 0.5.4)
      xpath (~> 2.0)
    chunky_png (1.3.1)
    climate_control (0.0.3)
      activesupport (>= 3.0)
    cliver (0.3.2)
    cocaine (0.5.7)
      climate_control (>= 0.0.3, < 1.0)
    coderay (1.1.0)
    coffee-rails (4.0.1)
      coffee-script (>= 2.2.0)
      railties (>= 4.0.0, < 5.0)
    coffee-script (2.3.0)
      coffee-script-source
      execjs
    coffee-script-source (1.7.1)
    color (1.7.1)
    colorize (0.7.7)
    columnize (0.9.0)
    compass (0.12.7)
      chunky_png (~> 1.2)
      fssm (>= 0.2.7)
      sass (~> 3.2.19)
    compass-rails (1.1.7)
      compass (>= 0.12.2)
      sprockets (<= 2.11.0)
    database_cleaner (1.4.1)
    debug_inspector (0.0.2)
    deface (1.0.1)
      colorize (>= 0.5.8)
      nokogiri (~> 1.6.0)
      polyglot
      rails (>= 3.1)
    delayed_job (4.0.2)
      activesupport (>= 3.0, < 4.2)
    delayed_job_active_record (4.0.1)
      activerecord (>= 3.0, < 4.2)
      delayed_job (>= 3.0, < 4.1)
    devise (3.2.4)
      bcrypt (~> 3.0)
      orm_adapter (~> 0.1)
      railties (>= 3.2.6, < 5)
      thread_safe (~> 0.1)
      warden (~> 1.2.3)
    devise-encryptable (0.1.2)
      devise (>= 2.1.0)
    diff-lcs (1.2.5)
    dotenv (1.0.2)
    dotenv-rails (1.0.2)
      dotenv (= 1.0.2)
    dragonfly (1.0.5)
      multi_json (~> 1.0)
      rack
    dragonfly-s3_data_store (1.0.4)
      dragonfly (~> 1.0)
      fog
    erubis (2.7.0)
    excon (0.37.0)
    execjs (2.2.1)
    factory_girl (4.5.0)
      activesupport (>= 3.0.0)
    factory_girl_rails (4.5.0)
      factory_girl (~> 4.5.0)
      railties (>= 3.0.0)
    fastercsv (1.5.5)
    ffaker (1.32.1)
    fog (1.22.1)
      fog-brightbox
      fog-core (~> 1.22)
      fog-json
      ipaddress (~> 0.5)
      nokogiri (~> 1.5, >= 1.5.11)
    fog-brightbox (0.1.1)
      fog-core (~> 1.22)
      fog-json
      inflecto
    fog-core (1.22.0)
      builder
      excon (~> 0.33)
      formatador (~> 0.2)
      mime-types
      net-scp (~> 1.1)
      net-ssh (>= 2.1.3)
    fog-json (1.0.0)
      multi_json (~> 1.0)
    font-awesome-rails (4.4.0.0)
      railties (>= 3.2, < 5.0)
    formatador (0.2.5)
    friendly_id (5.0.5)
      activerecord (>= 4.0.0)
    fssm (0.2.10)
    gibbon (1.1.5)
      httparty
      multi_json (>= 1.9.0)
    google-tag-manager-rails (0.1.3)
      rails (>= 3.0.0)
    haml (4.0.5)
      tilt
    haml-rails (0.5.3)
      actionpack (>= 4.0.1)
      activesupport (>= 4.0.1)
      haml (>= 3.1, < 5.0)
      railties (>= 4.0.1)
    highline (1.6.21)
    hike (1.2.3)
    httparty (0.13.7)
      json (~> 1.8)
      multi_xml (>= 0.5.2)
    i18n (0.6.11)
    inflecto (0.0.2)
    ipaddress (0.8.0)
    jbuilder (1.5.3)
      activesupport (>= 3.0.0)
      multi_json (>= 1.2.0)
    jquery-cookie-rails (1.3.1.1)
      railties (>= 3.2.0, < 5.0)
    jquery-rails (3.1.0)
      railties (>= 3.0, < 5.0)
      thor (>= 0.14, < 2.0)
    jquery-ui-rails (4.1.2)
      railties (>= 3.1.0)
    json (1.8.3)
    kaminari (0.15.1)
      actionpack (>= 3.0.0)
      activesupport (>= 3.0.0)
    launchy (2.4.3)
      addressable (~> 2.3)
    magiclabs-userstamp (2.1.0)
    mail (2.6.3)
      mime-types (>= 1.16, < 3)
    mailchimp-api (2.0.5)
      excon (>= 0.16.0)
      json (>= 1.7.7)
    mailfactory (1.4.0)
      mime-types (>= 1.13.1)
    mandrill-api (1.0.51)
      excon (>= 0.16.0, < 1.0)
      json (>= 1.7.7, < 2.0)
    mandrill_mailer (0.4.6)
      actionpack
      activesupport
      mandrill-api (~> 1.0.9)
    method_source (0.8.2)
    mime-types (2.6.2)
    mini_portile (0.6.2)
    minitest (4.7.5)
    mobile-fu (1.3.1)
      rack-mobile-detect
      rails
    monetize (0.1.4)
    money (6.0.1)
      i18n (~> 0.6.4)
      monetize (~> 0.1.3)
    multi_json (1.11.2)
    multi_xml (0.5.5)
    neat (1.5.1)
      bourbon (>= 3.1)
      sass (~> 3.2.19)
    net-scp (1.2.1)
      net-ssh (>= 2.6.5)
    net-ssh (2.9.1)
    newrelic_rpm (3.9.0.229)
    nokogiri (1.6.6.2)
      mini_portile (~> 0.6.0)
    non-stupid-digest-assets (1.0.4)
    orm_adapter (0.5.0)
    paperclip (3.4.2)
      activemodel (>= 3.0.0)
      activerecord (>= 3.0.0)
      activesupport (>= 3.0.0)
      cocaine (~> 0.5.0)
      mime-types
    paranoia (2.1.4)
      activerecord (~> 4.0)
    pdf-writer (1.1.8)
      color (>= 1.4.0)
      transaction-simple (~> 1.3)
    poltergeist (1.6.0)
      capybara (~> 2.1)
      cliver (~> 0.3.1)
      multi_json (~> 1.0)
      websocket-driver (>= 0.2.0)
    polyamorous (0.6.4)
      activerecord (>= 3.0)
    polyglot (0.3.5)
    pry (0.10.3)
      coderay (~> 1.1.0)
      method_source (~> 0.8.1)
      slop (~> 3.4)
    pry-byebug (3.2.0)
      byebug (~> 5.0)
      pry (~> 0.10)
    rabl (0.9.3)
      activesupport (>= 2.3.14)
    rack (1.5.5)
    rack-mobile-detect (0.4.0)
      rack
    rack-test (0.6.3)
      rack (>= 1.0)
    rails (4.0.13)
      actionmailer (= 4.0.13)
      actionpack (= 4.0.13)
      activerecord (= 4.0.13)
      activesupport (= 4.0.13)
      bundler (>= 1.3.0, < 2.0)
      railties (= 4.0.13)
      sprockets-rails (~> 2.0)
    railties (4.0.13)
      actionpack (= 4.0.13)
      activesupport (= 4.0.13)
      rake (>= 0.8.7)
      thor (>= 0.18.1, < 2.0)
    rake (10.4.2)
    ransack (1.1.0)
      actionpack (>= 3.0)
      activerecord (>= 3.0)
      polyamorous (~> 0.6.0)
    rdoc (4.1.1)
      json (~> 1.4)
    rspec-core (3.2.3)
      rspec-support (~> 3.2.0)
    rspec-expectations (3.2.1)
      diff-lcs (>= 1.2.0, < 2.0)
      rspec-support (~> 3.2.0)
    rspec-mocks (3.2.1)
      diff-lcs (>= 1.2.0, < 2.0)
      rspec-support (~> 3.2.0)
    rspec-rails (3.2.1)
      actionpack (>= 3.0, < 4.3)
      activesupport (>= 3.0, < 4.3)
      railties (>= 3.0, < 4.3)
      rspec-core (~> 3.2.0)
      rspec-expectations (~> 3.2.0)
      rspec-mocks (~> 3.2.0)
      rspec-support (~> 3.2.0)
    rspec-support (3.2.2)
    rubyzip (1.1.7)
    ruport (1.6.3)
      fastercsv
      pdf-writer (= 1.1.8)
    ruport-util (0.14.0)
      mailfactory (>= 1.2.3)
      rubyzip (>= 0.9.1)
      ruport (>= 1.6.0)
    sass (3.2.19)
    sass-rails (4.0.3)
      railties (>= 4.0.0, < 5.0)
      sass (~> 3.2.0)
      sprockets (~> 2.8, <= 2.11.0)
      sprockets-rails (~> 2.0)
    sassy-buttons (0.2.6)
      compass (>= 0.12.2)
    sdoc (0.4.0)
      json (~> 1.8)
      rdoc (~> 4.0, < 5.0)
    select2-rails (3.4.9)
      sass-rails
      thor (~> 0.14)
    simple_form (3.0.2)
      actionpack (~> 4.0)
      activemodel (~> 4.0)
    slim (3.0.3)
      temple (~> 0.7.3)
      tilt (>= 1.3.3, < 2.1)
    slop (3.6.0)
    spinner.rb (0.3.0)
    sprockets (2.11.0)
      hike (~> 1.2)
      multi_json (~> 1.0)
      rack (~> 1.0)
      tilt (~> 1.1, != 1.3.0)
    sprockets-rails (2.3.3)
      actionpack (>= 3.0)
      activesupport (>= 3.0)
      sprockets (>= 2.8, < 4.0)
    sqlite3 (1.3.11)
    sshkit (1.5.1)
      colorize
      net-scp (>= 1.1.2)
      net-ssh (>= 2.8.0)
    state_machine (1.2.0)
    stringex (1.5.1)
    susy (1.0.9)
      compass (>= 0.12.2)
      sass (>= 3.2.0)
    temple (0.7.5)
    thor (0.19.1)
    thread_safe (0.3.5)
    tilt (1.4.1)
    transaction-simple (1.4.0.2)
    truncate_html (0.9.2)
    turbolinks (2.2.2)
      coffee-rails
    tvdeyen-handles_sortable_columns (0.1.5)
    tzinfo (0.3.45)
    uglifier (2.5.3)
      execjs (>= 0.3.0)
      json (>= 1.8.0)
    unf (0.1.4)
      unf_ext
    unf_ext (0.0.6)
    uuidtools (2.1.5)
    versioncake (1.2.0)
      actionpack (>= 3.2)
      activesupport (>= 3.2)
      railties (>= 3.2)
      tzinfo
    warden (1.2.3)
      rack (>= 1.0)
    websocket-driver (0.5.4)
      websocket-extensions (>= 0.1.0)
    websocket-extensions (0.1.2)
    xpath (2.0.0)
      nokogiri (~> 1.3)

PLATFORMS
  ruby

DEPENDENCIES
  alchemy_cms!
  asset_sync (~> 1.1.0)
  awesome_print
  aws-sdk
  better_errors
  binding_of_caller
  bourbon
  byebug
  capistrano (~> 3.2.0)
  capistrano-bundler
  capistrano-rails
  capistrano-rvm
  capybara
  coffee-rails (~> 4.0.0)
  database_cleaner
  delayed_job_active_record
  dotenv-rails (< 2.0)
  dragonfly-s3_data_store
  factory_girl_rails
  ffaker
  gibbon
  google-tag-manager-rails
  haml-rails (~> 0.5.3)
  jbuilder (~> 1.2)
  jquery-cookie-rails
  jquery-rails
  launchy
  mailchimp-api (~> 2.0.4)
  mandrill-api
  mandrill_mailer
  mobile-fu
  money (= 6.0.1)
  neat
  newrelic_rpm
  poltergeist
  polyglot
  pry-byebug
  rails (~> 4.0.3)
  rspec-rails (~> 3.2)
  sass-rails (~> 4.0.0)
  sdoc
  slim
  spree!
  spree_active_shipping!
  spree_address_book!
  spree_advanced_reporting!
  spree_affiliate!
  spree_asset_variant_options!
  spree_auth_devise!
  spree_gateway!
  spree_minicart!
  spree_shipstation!
  spree_store_credits!
  sqlite3
  susy
  turbolinks
  uglifier (>= 1.3.0)

BUNDLED WITH
   1.10.6
